GEM
  remote: http://rubygems.org/
  remote: http://rubygems.org/
  specs:
    pdfkit (0.5.0)
    rack (1.2.2)
    shotgun (0.8)
      rack (>= 1.0)
    sinatra (1.2.6)
      rack (~> 1.1)
      tilt (>= 1.2.2, < 2.0)
    tilt (1.3)
    wkhtmltopdf-binary (0.9.5.1)

PLATFORMS
  ruby

DEPENDENCIES
  pdfkit
  shotgun
  sinatra
  wkhtmltopdf-binary
